PATH
  remote: .
  specs:
    couchmusic (0.0.0)
      colorize (~> 0.5)
      couchrest (~> 1.2)
      system_keychain (~> 1.0)
      taglib-ruby (~> 0.6)

GEM
  remote: https://rubygems.org/
  specs:
    colorize (0.5.8)
    couchrest (1.2.0)
      mime-types (~> 1.15)
      multi_json (~> 1.0)
      rest-client (~> 1.6.1)
    highline (1.6.19)
    mime-types (1.24)
    multi_json (1.7.9)
    rest-client (1.6.7)
      mime-types (>= 1.16)
    system_keychain (1.0.0)
      colorize (>= 0.5.8)
      highline (>= 1.6.19)
    taglib-ruby (0.6.0)

PLATFORMS
  ruby

DEPENDENCIES
  couchmusic!
